PATH
  remote: .
  specs:
    azure_jwt_auth (0.3.0)
      bcrypt (~> 3.1)
      jwt (~> 2.3)
      rsa-pem-from-mod-exp (~> 0.1)

GEM
  remote: https://rubygems.org/
  specs:
    addressable (2.8.0)
      public_suffix (>= 2.0.2, < 5.0)
    bcrypt (3.1.16)
    crack (0.4.5)
      rexml
    diff-lcs (1.5.0)
    hashdiff (1.0.1)
    jwt (2.3.0)
    public_suffix (4.0.6)
    rack (2.2.3)
    rake (13.0.6)
    rexml (3.2.5)
    rsa-pem-from-mod-exp (0.1.0)
    rspec (3.11.0)
      rspec-core (~> 3.11.0)
      rspec-expectations (~> 3.11.0)
      rspec-mocks (~> 3.11.0)
    rspec-core (3.11.0)
      rspec-support (~> 3.11.0)
    rspec-expectations (3.11.0)
      diff-lcs (>= 1.2.0, < 2.0)
      rspec-support (~> 3.11.0)
    rspec-mocks (3.11.0)
      diff-lcs (>= 1.2.0, < 2.0)
      rspec-support (~> 3.11.0)
    rspec-support (3.11.0)
    webmock (3.14.0)
      addressable (>= 2.8.0)
      crack (>= 0.3.2)
      hashdiff (>= 0.4.0, < 2.0.0)

PLATFORMS
  ruby

DEPENDENCIES
  azure_jwt_auth!
  bundler
  rack
  rake
  rspec
  webmock

BUNDLED WITH
   2.3.6
